GEM
  remote: https://rubygems.org/
  specs:
    addressable (2.4.0)
    ast (2.3.0)
    atlas (1.4.0)
      excon (~> 0.45)
    colorize (0.8.1)
    excon (0.54.0)
    faraday (0.9.2)
      multipart-post (>= 1.2, < 3)
    multipart-post (2.0.0)
    octokit (4.4.1)
      sawyer (~> 0.7.0, >= 0.5.3)
    parser (2.3.1.2)
      ast (~> 2.2)
    powerpack (0.1.1)
    rainbow (2.1.0)
    rubocop (0.40.0)
      parser (>= 2.3.1.0, < 3.0)
      powerpack (~> 0.1)
      rainbow (>= 1.99.1, < 3.0)
      ruby-progressbar (~> 1.7)
      unicode-display_width (~> 1.0, >= 1.0.1)
    ruby-progressbar (1.8.1)
    sawyer (0.7.0)
      addressable (>= 2.3.5, < 2.5)
      faraday (~> 0.8, < 0.10)
    slack-notifier (1.5.1)
    thor (0.19.1)
    unicode-display_width (1.0.5)

PLATFORMS
  ruby

DEPENDENCIES
  atlas
  colorize
  octokit
  rubocop
  slack-notifier
  thor

BUNDLED WITH
   1.13.6
