GEM
  remote: https://rubygems.org/
  specs:
    activesupport (5.0.0.1)
      concurrent-ruby (~> 1.0, >= 1.0.2)
      i18n (~> 0.7)
      minitest (~> 5.1)
      tzinfo (~> 1.1)
    addressable (2.4.0)
    ast (2.3.0)
    atlas (1.4.0)
      excon (~> 0.45)
    celluloid (0.17.3)
      celluloid-essentials
      celluloid-extras
      celluloid-fsm
      celluloid-pool
      celluloid-supervision
      timers (>= 4.1.1)
    celluloid-essentials (0.20.5)
      timers (>= 4.1.1)
    celluloid-extras (0.20.5)
      timers (>= 4.1.1)
    celluloid-fsm (0.20.5)
      timers (>= 4.1.1)
    celluloid-io (0.17.3)
      celluloid (>= 0.17.2)
      nio4r (>= 1.1)
      timers (>= 4.1.1)
    celluloid-pool (0.20.5)
      timers (>= 4.1.1)
    celluloid-supervision (0.20.6)
      timers (>= 4.1.1)
    coderay (1.1.2)
    colorize (0.8.1)
    concurrent-ruby (1.0.3)
    diff-lcs (1.2.5)
    dotenv (2.1.1)
    excon (0.54.0)
    faraday (0.9.2)
      multipart-post (>= 1.2, < 3)
    faraday_middleware (0.10.1)
      faraday (>= 0.7.4, < 1.0)
    foreman (0.82.0)
      thor (~> 0.19.1)
    gli (2.14.0)
    hashie (3.4.6)
    hitimes (1.2.4)
    i18n (0.7.0)
    json (2.0.2)
    method_source (0.9.0)
    minitest (5.10.1)
    multipart-post (2.0.0)
    nio4r (1.2.1)
    octokit (4.4.1)
      sawyer (~> 0.7.0, >= 0.5.3)
    parallel (1.12.0)
    parser (2.4.0.2)
      ast (~> 2.3)
    powerpack (0.1.1)
    pry (0.11.3)
      coderay (~> 1.1.0)
      method_source (~> 0.9.0)
    puma (3.6.2)
    rack (1.6.5)
    rack-protection (1.5.3)
      rack
    rack-test (0.6.3)
      rack (>= 1.0)
    rainbow (3.0.0)
    rake (12.0.0)
    rspec (3.5.0)
      rspec-core (~> 3.5.0)
      rspec-expectations (~> 3.5.0)
      rspec-mocks (~> 3.5.0)
    rspec-core (3.5.4)
      rspec-support (~> 3.5.0)
    rspec-expectations (3.5.0)
      diff-lcs (>= 1.2.0, < 2.0)
      rspec-support (~> 3.5.0)
    rspec-mocks (3.5.0)
      diff-lcs (>= 1.2.0, < 2.0)
      rspec-support (~> 3.5.0)
    rspec-support (3.5.0)
    rubocop (0.52.0)
      parallel (~> 1.10)
      parser (>= 2.4.0.2, < 3.0)
      powerpack (~> 0.1)
      rainbow (>= 2.2.2, < 4.0)
      ruby-progressbar (~> 1.7)
      unicode-display_width (~> 1.0, >= 1.0.1)
    ruby-progressbar (1.9.0)
    sawyer (0.7.0)
      addressable (>= 2.3.5, < 2.5)
      faraday (~> 0.8, < 0.10)
    sinatra (1.4.7)
      rack (~> 1.5)
      rack-protection (~> 1.4)
      tilt (>= 1.3, < 3)
    slack-notifier (1.5.1)
    slack-ruby-bot (0.9.0)
      hashie
      slack-ruby-client (>= 0.6.0)
    slack-ruby-client (0.7.7)
      activesupport
      faraday
      faraday_middleware
      gli
      hashie
      json
      websocket-driver
    thor (0.19.1)
    thread_safe (0.3.5)
    tilt (2.0.5)
    timers (4.1.2)
      hitimes
    tzinfo (1.2.2)
      thread_safe (~> 0.1)
    unicode-display_width (1.3.0)
    websocket-driver (0.6.4)
      websocket-extensions (>= 0.1.0)
    websocket-extensions (0.1.2)

PLATFORMS
  ruby

DEPENDENCIES
  atlas
  celluloid-io
  colorize
  dotenv
  foreman
  octokit
  pry
  puma
  rack-test
  rake
  rspec
  rubocop
  sinatra
  slack-notifier
  slack-ruby-bot
  thor

BUNDLED WITH
   1.15.1
